PATH
  remote: .
  specs:
    DPLibrary (0.0.5)
      faraday (~> 0.8.7)
      faraday_middleware (~> 0.9.0)
      rake (>= 10.0.3)

GEM
  remote: https://rubygems.org/
  specs:
    coderay (1.1.0)
    coveralls (0.8.9)
      json (~> 1.8)
      rest-client (>= 1.6.8, < 2)
      simplecov (~> 0.10.0)
      term-ansicolor (~> 1.3)
      thor (~> 0.19.1)
      tins (~> 1.6.0)
    diff-lcs (1.2.5)
    docile (1.1.5)
    domain_name (0.5.25)
      unf (>= 0.0.5, < 1.0.0)
    faraday (0.8.11)
      multipart-post (~> 1.2.0)
    faraday_middleware (0.9.2)
      faraday (>= 0.7.4, < 0.10)
    http-cookie (1.0.2)
      domain_name (~> 0.5)
    json (1.8.3)
    method_source (0.8.2)
    mime-types (2.6.2)
    multipart-post (1.2.0)
    netrc (0.11.0)
    pry (0.10.3)
      coderay (~> 1.1.0)
      method_source (~> 0.8.1)
      slop (~> 3.4)
    rake (10.4.2)
    rest-client (1.8.0)
      http-cookie (>= 1.0.2, < 2.0)
      mime-types (>= 1.16, < 3.0)
      netrc (~> 0.7)
    rspec (2.13.0)
      rspec-core (~> 2.13.0)
      rspec-expectations (~> 2.13.0)
      rspec-mocks (~> 2.13.0)
    rspec-core (2.13.1)
    rspec-expectations (2.13.0)
      diff-lcs (>= 1.1.3, < 2.0)
    rspec-mocks (2.13.1)
    simplecov (0.10.0)
      docile (~> 1.1.0)
      json (~> 1.8)
      simplecov-html (~> 0.10.0)
    simplecov-html (0.10.0)
    slop (3.6.0)
    term-ansicolor (1.3.2)
      tins (~> 1.0)
    thor (0.19.1)
    tins (1.6.0)
    unf (0.1.4)
      unf_ext
    unf_ext (0.0.7.1)
    vcr (2.4.0)

PLATFORMS
  ruby

DEPENDENCIES
  DPLibrary!
  bundler (~> 1.3)
  coveralls
  pry
  rake
  rspec (~> 2.13.0)
  vcr (~> 2.4.0)

BUNDLED WITH
   1.10.6
